GEM
  remote: https://rubygems.org/
  specs:
    mini_portile2 (2.3.0)
    nokogiri (1.8.2)
      mini_portile2 (~> 2.3.0)
    pg (1.0.0)
    puma (3.11.4)

PLATFORMS
  ruby

DEPENDENCIES
  nokogiri
  pg
  puma

RUBY VERSION
   ruby 2.5.1p57

BUNDLED WITH
   1.16.2
